GEM
  remote: http://rubygems.org/
  specs:
    flexmock (0.9.0)
    test-unit (2.5.1)

PLATFORMS
  ruby

DEPENDENCIES
  flexmock
  test-unit
